GIT
  remote: https://github.com/puppetlabs/puppet-strings
  revision: abf5c636a047a73ca7895e96315483ea3b01e5f9
  specs:
    puppet-strings (2.0.0)
      rgen
      yard (~> 0.9.5)

GEM
  remote: https://rubygems.org/
  specs:
    diff-lcs (1.3)
    docker-api (1.34.2)
      excon (>= 0.47.0)
      multi_json
    escort (0.4.0)
      nesty
    excon (0.62.0)
    facter (2.5.1)
    facterdb (0.5.2)
      facter
      jgrep
    faraday (0.13.1)
      multipart-post (>= 1.2, < 3)
    faraday_middleware (0.12.2)
      faraday (>= 0.7.4, < 1.0)
    fast_gettext (1.1.2)
    gettext (3.2.9)
      locale (>= 2.0.5)
      text (>= 1.3.0)
    gettext-setup (0.30)
      fast_gettext (~> 1.1.0)
      gettext (>= 3.0.2)
      locale
    git_refresh (0.1.1)
      escort (= 0.4.0)
    hiera (3.4.2)
    jgrep (1.5.0)
    json (2.1.0)
    librarian-puppet (3.0.0)
      librarianp (>= 0.6.3)
      puppet_forge (~> 2.1)
      rsync
    librarianp (0.6.4)
      thor (~> 0.15)
    locale (2.1.2)
    mcollective-client (2.12.1)
      json
      stomp
      systemu
    metaclass (0.0.4)
    minitar (0.6.1)
    mocha (1.5.0)
      metaclass (~> 0.0.1)
    multi_json (1.13.1)
    multipart-post (2.0.0)
    nesty (1.0.2)
    pdqtest (1.1.0)
      docker-api (= 1.34.2)
      escort (= 0.4.0)
      git_refresh (= 0.1.1)
      hiera (= 3.4.2)
      librarian-puppet (= 3.0.0)
      minitar (= 0.6.1)
      puppet-lint (= 2.3.5)
      puppet-syntax (= 2.4.1)
      puppet_factset (= 0.5.0)
      puppetlabs_spec_helper (= 2.6.2)
      rake (= 12.3.1)
      rspec (= 3.7.0)
      thor (~> 0.19)
    puppet (5.3.5)
      facter (> 2.0.1, < 4)
      fast_gettext (~> 1.1.2)
      hiera (>= 3.2.1, < 4)
      locale (~> 2.1)
    puppet-lint (2.3.5)
    puppet-syntax (2.4.1)
      rake
    puppet_factset (0.5.0)
    puppet_forge (2.2.9)
      faraday (>= 0.9.0, < 0.14.0)
      faraday_middleware (>= 0.9.0, < 0.13.0)
      gettext-setup (~> 0.11)
      minitar
      semantic_puppet (~> 1.0)
    puppetlabs_spec_helper (2.6.2)
      mocha (~> 1.0)
      puppet-lint (~> 2.0)
      puppet-syntax (~> 2.0)
      rspec-puppet (~> 2.0)
    rake (12.3.1)
    rgen (0.8.2)
    rspec (3.7.0)
      rspec-core (~> 3.7.0)
      rspec-expectations (~> 3.7.0)
      rspec-mocks (~> 3.7.0)
    rspec-core (3.7.1)
      rspec-support (~> 3.7.0)
    rspec-expectations (3.7.0)
      diff-lcs (>= 1.2.0, < 2.0)
      rspec-support (~> 3.7.0)
    rspec-mocks (3.7.0)
      diff-lcs (>= 1.2.0, < 2.0)
      rspec-support (~> 3.7.0)
    rspec-puppet (2.6.11)
      rspec
    rspec-puppet-facts (1.7.0)
      facter
      facterdb (>= 0.3.0)
      json
      mcollective-client
      puppet
    rspec-support (3.7.1)
    rsync (1.0.9)
    semantic_puppet (1.0.2)
    stomp (1.4.4)
    systemu (2.6.5)
    text (1.3.1)
    thor (0.20.0)
    yard (0.9.12)

PLATFORMS
  ruby

DEPENDENCIES
  facter (= 2.5.1)
  pdqtest (= 1.1.0)
  puppet (= 5.3.5)
  puppet-strings!
  rspec-puppet-facts (= 1.7.0)

BUNDLED WITH
   1.16.1
